GIT
  remote: git://github.com/sgruhier/capistrano-db-tasks
  revision: 396cbbfe0aa4bfe48c8edf2718f2af6163af42bf
  ref: 396cbbf
  specs:
    capistrano-db-tasks (0.2)

GEM
  remote: https://rubygems.org/
  remote: https://rails-assets.org/
  specs:
    actionmailer (3.2.22)
      actionpack (= 3.2.22)
      mail (~> 2.5.4)
    actionpack (3.2.22)
      activemodel (= 3.2.22)
      activesupport (= 3.2.22)
      builder (~> 3.0.0)
      erubis (~> 2.7.0)
      journey (~> 1.0.4)
      rack (~> 1.4.5)
      rack-cache (~> 1.2)
      rack-test (~> 0.6.1)
      sprockets (~> 2.2.1)
    active_attr (0.8.5)
      activemodel (>= 3.0.2, < 5.0)
      activesupport (>= 3.0.2, < 5.0)
    activemodel (3.2.22)
      activesupport (= 3.2.22)
      builder (~> 3.0.0)
    activerecord (3.2.22)
      activemodel (= 3.2.22)
      activesupport (= 3.2.22)
      arel (~> 3.0.2)
      tzinfo (~> 0.3.29)
    activeresource (3.2.22)
      activemodel (= 3.2.22)
      activesupport (= 3.2.22)
    activesupport (3.2.22)
      i18n (~> 0.6, >= 0.6.4)
      multi_json (~> 1.0)
    acts_as_list (0.1.9)
    airbrake (4.3.4)
      builder
      multi_json
    amq-protocol (1.9.2)
    amqp (1.5.1)
      amq-protocol (~> 1.9)
      eventmachine
    ancestry (1.3.0)
      activerecord (>= 2.3.14)
    annotate (2.6.10)
      activerecord (>= 3.2, <= 4.3)
      rake (~> 10.4)
    arel (3.0.3)
    atomic (1.1.16)
    attribute_normalizer (1.1.0)
    audited (3.0.0)
    audited-activerecord (3.0.0)
      activerecord (~> 3.0)
      audited (= 3.0.0)
    awesome_print (1.6.1)
    axiom-types (0.1.0)
      descendants_tracker (~> 0.0.3)
      ice_nine (~> 0.11.0)
      thread_safe (~> 0.1.3)
    bcrypt-ruby (3.0.1)
    bourne (1.1.2)
      mocha (= 0.10.5)
    brakeman (2.3.1)
      erubis (~> 2.6)
      fastercsv (~> 1.5)
      haml (>= 3.0, < 5.0)
      highline (~> 1.6.20)
      multi_json (~> 1.2)
      ruby2ruby (~> 2.0.5)
      ruby_parser (~> 3.2.2)
      sass (~> 3.0)
      slim (>= 1.3.6, < 3.0)
      terminal-table (~> 1.4)
    builder (3.0.4)
    bunny (2.0.1)
      amq-protocol (>= 1.9.2)
    cancan (1.6.9)
    capistrano (2.15.5)
      highline
      net-scp (>= 1.0.0)
      net-sftp (>= 2.0.0)
      net-ssh (>= 2.0.14)
      net-ssh-gateway (>= 1.1.0)
    capistrano-ext (1.2.1)
      capistrano (>= 1.0.0)
    capistrano-unicorn (0.1.10)
      capistrano
    chronic (0.10.2)
    chunky_png (1.2.6)
    climate_control (0.0.3)
      activesupport (>= 3.0)
    cocaine (0.5.3)
      climate_control (>= 0.0.3, < 1.0)
    coercible (1.0.0)
      descendants_tracker (~> 0.0.1)
    coffee-rails (3.2.2)
      coffee-script (>= 2.2.0)
      railties (~> 3.2.0)
    coffee-script (2.4.1)
      coffee-script-source
      execjs
    coffee-script-source (1.9.1.1)
    compass (0.12.2)
      chunky_png (~> 1.2)
      fssm (>= 0.2.7)
      sass (~> 3.1)
    compass-rails (1.0.3)
      compass (>= 0.12.2, < 0.14)
    configliere (0.4.18)
      highline (>= 1.5.2)
      multi_json (>= 1.1)
    curb (0.8.8)
    daemons (1.2.3)
    default_value_for (2.0.2)
    descendants_tracker (0.0.3)
    devise (2.2.3)
      bcrypt-ruby (~> 3.0)
      orm_adapter (~> 0.1)
      railties (~> 3.1)
      warden (~> 1.2.1)
    devise-russian (2.0.1.1)
      devise
    diff-lcs (1.1.3)
    domain_name (0.5.24)
      unf (>= 0.0.5, < 1.0.0)
    el_vfs_client (0.4.4)
      configliere
      curb
      rails
    enumerize (1.0.0)
      activesupport (>= 3.2)
    equalizer (0.0.9)
    erubis (2.7.0)
    esp-ckeditor (0.1.6)
    esp-commons (0.5.5)
      active_attr
      amqp
      bunny
      daemons
      openteam-commons
      rails
      rest-client
    esp-views (0.0.2)
      sso-auth
    eventmachine (1.0.8)
    execjs (1.4.0)
      multi_json (~> 1.0)
    fabrication (1.4.1)
    faraday (0.8.7)
      multipart-post (~> 1.1)
    fastercsv (1.5.5)
    fattr (2.2.1)
    formtastic (2.1.1)
      actionpack (~> 3.0)
    fssm (0.2.9)
    gilenson (1.2.2)
    grape (0.6.1)
      activesupport
      builder
      hashie (>= 1.2.0)
      multi_json (>= 1.3.2)
      multi_xml (>= 0.5.2)
      rack (>= 1.3.0)
      rack-accept
      rack-mount
      virtus (>= 1.0.0)
    haml (4.0.5)
      tilt
    has_enum (0.10.1)
      rails (> 3.0.0)
    has_scope (0.5.1)
    hashie (1.2.0)
    highline (1.6.21)
    hike (1.2.3)
    hirb (0.7.0)
    http-cookie (1.0.2)
      domain_name (~> 0.5)
    httpauth (0.2.0)
    i18n (0.7.0)
    ice_nine (0.11.0)
    inherited_resources (1.3.1)
      has_scope (~> 0.5.0)
      responders (~> 0.6)
    journey (1.0.4)
    jquery-rails (2.1.4)
      railties (>= 3.0, < 5.0)
      thor (>= 0.14, < 2.0)
    json (1.8.3)
    jwt (0.1.8)
      multi_json (>= 1.5)
    kgio (2.10.0)
    mail (2.5.4)
      mime-types (~> 1.16)
      treetop (~> 1.4.8)
    metaclass (0.0.1)
    mime-types (1.25.1)
    mocha (0.10.5)
      metaclass (~> 0.0.1)
    multi_json (1.11.2)
    multi_xml (0.5.5)
    multipart-post (1.2.0)
    nested_form (0.3.1)
    net-scp (1.2.1)
      net-ssh (>= 2.6.5)
    net-sftp (2.1.2)
      net-ssh (>= 2.6.5)
    net-ssh (2.9.2)
    net-ssh-gateway (1.2.0)
      net-ssh (>= 2.6.5)
    netrc (0.10.3)
    nokogiri (1.5.5)
    oauth2 (0.8.1)
      faraday (~> 0.8)
      httpauth (~> 0.1)
      jwt (~> 0.1.4)
      multi_json (~> 1.0)
      rack (~> 1.2)
    omniauth (1.1.3)
      hashie (~> 1.2)
      rack
    omniauth-oauth2 (1.1.1)
      oauth2 (~> 0.8.0)
      omniauth (~> 1.0)
    openteam-capistrano (0.0.14)
      capistrano-db-tasks
      capistrano-ext
      capistrano-unicorn
      rvm-capistrano
    openteam-commons (0.2.4)
      airbrake
      configliere
      rails
      unicorn
      whenever
    options (2.3.0)
      fattr
    orm_adapter (0.4.0)
    paperclip (3.5.2)
      activemodel (>= 3.0.0)
      activesupport (>= 3.0.0)
      cocaine (~> 0.5.3)
      mime-types
    paperclip-elvfs (0.0.5.2)
      curb
      paperclip
    paperclip-meta (1.0.0)
      paperclip (>= 3.0.2, < 5.0)
    pg (0.14.1)
    polyglot (0.3.5)
    progress_bar (0.4.0)
      highline (~> 1.6.1)
      options (~> 2.3.0)
    rack (1.4.7)
    rack-accept (0.4.5)
      rack (>= 0.4)
    rack-cache (1.5.1)
      rack (>= 0.4)
    rack-mount (0.8.3)
      rack (>= 1.0.0)
    rack-ssl (1.3.4)
      rack
    rack-test (0.6.3)
      rack (>= 1.0)
    rack-utf8_sanitizer (1.1.0)
      rack (~> 1.0)
    rails (3.2.22)
      actionmailer (= 3.2.22)
      actionpack (= 3.2.22)
      activerecord (= 3.2.22)
      activeresource (= 3.2.22)
      activesupport (= 3.2.22)
      bundler (~> 1.0)
      railties (= 3.2.22)
    rails-assets-jquery (2.1.4)
    rails-assets-jquery-colorbox (1.6.3)
      rails-assets-jquery (>= 1.3.2)
    railties (3.2.22)
      actionpack (= 3.2.22)
      activesupport (= 3.2.22)
      rack-ssl (~> 1.3.2)
      rake (>= 0.8.7)
      rdoc (~> 3.4)
      thor (>= 0.14.6, < 2.0)
    raindrops (0.15.0)
    rake (10.4.2)
    rdoc (3.12.2)
      json (~> 1.4)
    responders (0.9.3)
      railties (~> 3.1)
    rest-client (1.8.0)
      http-cookie (>= 1.0.2, < 2.0)
      mime-types (>= 1.16, < 3.0)
      netrc (~> 0.7)
    rspec-core (2.12.2)
    rspec-expectations (2.12.1)
      diff-lcs (~> 1.1.3)
    rspec-mocks (2.12.0)
    rspec-rails (2.12.0)
      actionpack (>= 3.0)
      activesupport (>= 3.0)
      railties (>= 3.0)
      rspec-core (~> 2.12.0)
      rspec-expectations (~> 2.12.0)
      rspec-mocks (~> 2.12.0)
    ruby2ruby (2.0.7)
      ruby_parser (~> 3.1)
      sexp_processor (~> 4.0)
    ruby_parser (3.2.2)
      sexp_processor (~> 4.1)
    russian (0.6.0)
      i18n (>= 0.5.0)
    rvm-capistrano (1.2.7)
      capistrano (>= 2.0.0)
    sanitize (2.0.3)
      nokogiri (>= 1.4.4, < 1.6)
    sass (3.2.13)
    sass-rails (3.2.5)
      railties (~> 3.2.0)
      sass (>= 3.1.10)
      tilt (~> 1.3)
    sexp_processor (4.4.1)
    shoulda-matchers (1.4.2)
      activesupport (>= 3.0.0)
      bourne (~> 1.1.2)
    show_for (0.2.5)
      actionpack (~> 3.0)
      activemodel (~> 3.0)
    simple-navigation (3.9.0)
      activesupport (>= 2.3.2)
    slim (2.0.2)
      temple (~> 0.6.6)
      tilt (>= 1.3.3, < 2.1)
    sprockets (2.2.3)
      hike (~> 1.2)
      multi_json (~> 1.0)
      rack (~> 1.0)
      tilt (~> 1.1, != 1.3.0)
    sqlite3 (1.3.6)
    sso-auth (0.0.6)
      cancan
      configliere
      devise
      omniauth
      omniauth-oauth2
    temple (0.6.7)
    terminal-table (1.4.5)
    thor (0.19.1)
    thread_safe (0.1.3)
      atomic
    tilt (1.4.1)
    treetop (1.4.15)
      polyglot
      polyglot (>= 0.3.1)
    turbo-sprockets-rails3 (0.3.11)
      railties (> 3.2.8, < 4.0.0)
      sprockets (>= 2.2.0)
    tzinfo (0.3.46)
    uglifier (1.3.0)
      execjs (>= 0.3.0)
      multi_json (~> 1.0, >= 1.0.2)
    unf (0.1.4)
      unf_ext
    unf_ext (0.0.7.1)
    unicorn (5.0.1)
      kgio (~> 2.6)
      rack
      raindrops (~> 0.7)
    virtus (1.0.2)
      axiom-types (~> 0.1)
      coercible (~> 1.0)
      descendants_tracker (~> 0.0.3)
      equalizer (~> 0.0.9)
    warden (1.2.1)
      rack (>= 1.0)
    whenever (0.9.4)
      chronic (>= 0.6.3)

PLATFORMS
  ruby

DEPENDENCIES
  acts_as_list
  ancestry
  annotate
  attribute_normalizer
  audited-activerecord
  awesome_print
  brakeman
  capistrano (~> 2.15.5)
  capistrano-db-tasks!
  capistrano-unicorn (~> 0.1.10)
  coffee-rails
  compass-rails
  default_value_for
  devise-russian
  el_vfs_client
  enumerize
  esp-ckeditor
  esp-commons
  esp-views
  fabrication (< 2.0.0)
  formtastic (< 2.2.0)
  gilenson
  grape
  has_enum
  hashie
  hirb
  inherited_resources
  jquery-rails
  nested_form
  openteam-capistrano
  paperclip-elvfs
  paperclip-meta
  pg
  progress_bar
  rack-utf8_sanitizer
  rails (~> 3.2.13)
  rails-assets-jquery-colorbox!
  rest-client
  rspec-rails
  russian
  sanitize
  sass-rails
  shoulda-matchers
  show_for
  simple-navigation
  sqlite3
  sso-auth
  turbo-sprockets-rails3
  uglifier
