GIT
  remote: git://github.com/caelum/restfulie
  revision: e518d48910ff8136f2d55ba2d1e2f44164f1a55f
  specs:
    restfulie (1.0.3)
      hypertemplate (~> 1.2.0)
      json_pure (>= 1.2.4)
      medie (~> 1.0.0)
      nokogiri (>= 1.4.2)
      rack-conneg
      respondie (~> 0.9.0)

GIT
  remote: git://github.com/kfprimm/nested_form
  revision: dc5657e0c07cfa73ca48b9f8c24e262db6cfa3e4
  specs:
    nested_form (0.1.1)

GIT
  remote: git://github.com/pshoukry/ckeditor.git
  revision: d9b2ca104e8ebd91cc8eb6446ac1682c974f6af3
  specs:
    ckeditor (3.6.3)
      mime-types (~> 1.16)
      orm_adapter (~> 0.0.5)

GEM
  remote: http://rubygems.org/
  specs:
    actionmailer (3.1.1)
      actionpack (= 3.1.1)
      mail (~> 2.3.0)
    actionpack (3.1.1)
      activemodel (= 3.1.1)
      activesupport (= 3.1.1)
      builder (~> 3.0.0)
      erubis (~> 2.7.0)
      i18n (~> 0.6)
      rack (~> 1.3.2)
      rack-cache (~> 1.1)
      rack-mount (~> 0.8.2)
      rack-test (~> 0.6.1)
      sprockets (~> 2.0.2)
    activemodel (3.1.1)
      activesupport (= 3.1.1)
      builder (~> 3.0.0)
      i18n (~> 0.6)
    activerecord (3.1.1)
      activemodel (= 3.1.1)
      activesupport (= 3.1.1)
      arel (~> 2.2.1)
      tzinfo (~> 0.3.29)
    activeresource (3.1.1)
      activemodel (= 3.1.1)
      activesupport (= 3.1.1)
    activesupport (3.1.1)
      multi_json (~> 1.0)
    ancestry (1.2.4)
      activerecord (>= 2.2.2)
    annotate (2.4.1.beta1)
    arel (2.2.1)
    attribute_normalizer (1.0.0)
    builder (3.0.0)
    chunky_png (1.2.5)
    compass (0.12.alpha.2)
      chunky_png (~> 1.2)
      fssm (>= 0.2.7)
      sass (~> 3.1)
    configliere (0.4.8)
      json
    curb (0.7.16)
    default_value_for (1.0.6)
    diff-lcs (1.1.3)
    dragonfly (0.9.8)
      rack
    el_vfs_client (0.0.4.1)
      configliere
      curb
    erubis (2.7.0)
    excon (0.7.6)
    execjs (1.2.9)
      multi_json (~> 1.0)
    fabrication (1.2.0)
    ffi (1.0.10)
    fog (1.0.0)
      builder
      excon (~> 0.7.3)
      formatador (~> 0.2.0)
      mime-types
      multi_json (~> 1.0.3)
      net-scp (~> 1.0.4)
      net-ssh (~> 2.1.4)
      nokogiri (~> 1.5.0)
      ruby-hmac
    formatador (0.2.1)
    formtastic (2.0.2)
      rails (~> 3.0)
    fssm (0.2.7)
    gilenson (1.2.2)
    guard (0.8.8)
      thor (~> 0.14.6)
    guard-rspec (0.5.1)
      guard (>= 0.8.4)
    guard-spork (0.3.1)
      guard (>= 0.8.4)
      spork (>= 0.8.4)
    has_enum (0.9.4)
      rails (> 3.0.0)
    has_scope (0.5.1)
    hike (1.2.1)
    hirb (0.5.0)
    hoptoad_notifier (2.4.11)
      activesupport
      builder
    hypertemplate (1.2.1)
      json_pure
      nokogiri
    i18n (0.6.0)
    inherited_resources (1.3.0)
      has_scope (~> 0.5.0)
      responders (~> 0.6.0)
    itslog (0.6.1)
    jquery-rails (1.0.19)
      railties (~> 3.0)
      thor (~> 0.14)
    json (1.6.2)
    json_pure (1.6.1)
    kgio (2.6.0)
    libnotify (0.5.9)
    libv8 (3.3.10.2)
    mail (2.3.0)
      i18n (>= 0.4.0)
      mime-types (~> 1.16)
      treetop (~> 1.4.8)
    medie (1.0.0)
      actionpack (>= 3.0.0)
      activesupport
      json_pure
      methodize
    methodize (0.2.0)
    mime-types (1.17.2)
    multi_json (1.0.3)
    net-scp (1.0.4)
      net-ssh (>= 1.99.1)
    net-ssh (2.1.4)
    nokogiri (1.5.0)
    orm_adapter (0.0.5)
    pg (0.11.0)
    polyglot (0.3.3)
    rack (1.3.5)
    rack-cache (1.1)
      rack (>= 0.4)
    rack-conneg (0.1.5)
      rack (>= 1.0)
    rack-mount (0.8.3)
      rack (>= 1.0.0)
    rack-ssl (1.3.2)
      rack
    rack-test (0.6.1)
      rack (>= 1.0)
    rails (3.1.1)
      actionmailer (= 3.1.1)
      actionpack (= 3.1.1)
      activerecord (= 3.1.1)
      activeresource (= 3.1.1)
      activesupport (= 3.1.1)
      bundler (~> 1.0)
      railties (= 3.1.1)
    rails-dev-tweaks (0.5.1)
      rails (~> 3.1.0)
    railties (3.1.1)
      actionpack (= 3.1.1)
      activesupport (= 3.1.1)
      rack-ssl (~> 1.3.2)
      rake (>= 0.8.7)
      rdoc (~> 3.4)
      thor (~> 0.14.6)
    raindrops (0.8.0)
    rake (0.9.2.2)
    rb-inotify (0.8.8)
      ffi (>= 0.5.0)
    rdoc (3.11)
      json (~> 1.4)
    responders (0.6.4)
    respondie (0.9.0)
    rspec (2.6.0)
      rspec-core (~> 2.6.0)
      rspec-expectations (~> 2.6.0)
      rspec-mocks (~> 2.6.0)
    rspec-core (2.6.4)
    rspec-expectations (2.6.0)
      diff-lcs (~> 1.1.2)
    rspec-mocks (2.6.0)
    rspec-rails (2.6.1)
      actionpack (~> 3.0)
      activesupport (~> 3.0)
      railties (~> 3.0)
      rspec (~> 2.6.0)
    ruby-hmac (0.4.0)
    russian (0.6.0)
      i18n (>= 0.5.0)
    sanitize (2.0.3)
      nokogiri (>= 1.4.4, < 1.6)
    sass (3.1.11)
    sass-rails (3.1.4)
      actionpack (~> 3.1.0)
      railties (~> 3.1.0)
      sass (>= 3.1.4)
      sprockets (~> 2.0.0)
      tilt (~> 1.3.2)
    shoulda-matchers (1.0.0)
    show_for (0.2.4)
    simple-navigation (3.5.0)
      activesupport (>= 2.3.2)
    spork (0.9.0.rc9)
    sprockets (2.0.3)
      hike (~> 1.2)
      rack (~> 1.0)
      tilt (~> 1.1, != 1.3.0)
    sqlite3 (1.3.4)
    therubyracer (0.9.8)
      libv8 (~> 3.3.10)
    thor (0.14.6)
    tilt (1.3.3)
    treetop (1.4.10)
      polyglot
      polyglot (>= 0.3.1)
    tzinfo (0.3.30)
    uglifier (1.0.4)
      execjs (>= 0.3.0)
      multi_json (>= 1.0.2)
    unicorn (4.1.1)
      kgio (~> 2.4)
      rack
      raindrops (~> 0.6)

PLATFORMS
  ruby

DEPENDENCIES
  ancestry
  annotate (~> 2.4.1.beta1)
  attribute_normalizer
  ckeditor!
  compass (~> 0.12.alpha)
  configliere
  default_value_for
  dragonfly
  el_vfs_client
  fabrication
  fog
  formtastic
  gilenson
  guard-rspec
  guard-spork
  has_enum
  hirb
  hoptoad_notifier
  inherited_resources
  itslog
  jquery-rails
  libnotify
  nested_form!
  pg
  rails
  rails-dev-tweaks
  rb-inotify
  restfulie!
  rspec-rails (~> 2.6.0)
  russian
  sanitize
  sass-rails
  shoulda-matchers
  show_for
  simple-navigation
  spork (~> 0.9.0.rc9)
  sqlite3
  therubyracer
  uglifier
  unicorn
